PATH
  remote: .
  specs:
    mt940 (3.0.5)

GEM
  remote: http://rubygems.org/
  specs:
    diff-lcs (1.6.2)
    rake (13.3.0)
    rspec (3.13.1)
      rspec-core (~> 3.13.0)
      rspec-expectations (~> 3.13.0)
      rspec-mocks (~> 3.13.0)
    rspec-collection_matchers (1.2.1)
      rspec-expectations (>= 2.99.0.beta1)
    rspec-core (3.13.5)
      rspec-support (~> 3.13.0)
    rspec-expectations (3.13.5)
      diff-lcs (>= 1.2.0, < 2.0)
      rspec-support (~> 3.13.0)
    rspec-mocks (3.13.5)
      diff-lcs (>= 1.2.0, < 2.0)
      rspec-support (~> 3.13.0)
    rspec-support (3.13.5)

PLATFORMS
  ruby

DEPENDENCIES
  mt940!
  rake
  rspec
  rspec-collection_matchers

BUNDLED WITH
   2.7.1
